GEM
  remote: http://rubygems.org/
  specs:
    activesupport (3.0.10)
    bson (1.3.1)
    bson_ext (1.3.1)
    capybara (0.3.9)
      culerity (>= 0.2.4)
      mime-types (>= 1.16)
      nokogiri (>= 1.3.3)
      rack (>= 1.0.0)
      rack-test (>= 0.5.4)
      selenium-webdriver (>= 0.0.3)
    childprocess (0.2.1)
      ffi (~> 1.0.6)
    configuration (1.3.1)
    culerity (0.2.15)
    database_cleaner (0.6.7)
    diff-lcs (1.1.2)
    exceptional (2.0.32)
      rack
    factory_girl (1.3.3)
    ffi (1.0.9)
    haml (3.0.25)
    i18n (0.4.2)
    jnunemaker-validatable (1.8.4)
      activesupport (>= 2.3.4)
    json_pure (1.5.3)
    launchy (0.3.7)
      configuration (>= 0.0.5)
      rake (>= 0.8.1)
    mail (2.3.0)
      i18n (>= 0.4.0)
      mime-types (~> 1.16)
      treetop (~> 1.4.8)
    mime-types (1.16)
    mongo (1.3.1)
      bson (>= 1.3.1)
    mongo_mapper (0.8.6)
      activesupport (>= 2.3.4)
      jnunemaker-validatable (~> 1.8.4)
      plucky (~> 0.3.6)
    mustache (0.99.4)
    newrelic_rpm (3.1.1)
    nokogiri (1.5.0)
    plucky (0.3.8)
      mongo (~> 1.3)
    polyglot (0.3.2)
    pony (1.0.1)
      mail (> 2.0)
    pygmentize (0.0.3)
    rack (1.3.2)
    rack-flash (0.1.2)
      rack
    rack-test (0.6.1)
      rack (>= 1.0)
    rake (0.9.2)
    rdiscount (1.6.8)
    redcarpet (1.17.2)
    rocco (0.8.1)
      mustache
      redcarpet
    rspec (2.1.0)
      rspec-core (~> 2.1.0)
      rspec-expectations (~> 2.1.0)
      rspec-mocks (~> 2.1.0)
    rspec-core (2.1.0)
    rspec-expectations (2.1.0)
      diff-lcs (~> 1.1.2)
    rspec-mocks (2.1.0)
    rubyzip (0.9.4)
    selenium-webdriver (2.5.0)
      childprocess (>= 0.2.1)
      ffi (>= 1.0.7)
      json_pure
      rubyzip
    sinatra (1.3.0.e)
      rack (~> 1.3)
      tilt (~> 1.3)
    sinatra-content-for (0.2)
      sinatra
    steak (1.0.1)
      rspec (>= 1.3)
    tilt (1.3.2)
    treetop (1.4.10)
      polyglot
      polyglot (>= 0.3.1)
    webrat (0.7.3)
      nokogiri (>= 1.2.0)
      rack (>= 1.0)
      rack-test (>= 0.5.3)

PLATFORMS
  ruby

DEPENDENCIES
  bson_ext (~> 1.3.1)
  capybara (~> 0.3.9)
  database_cleaner (~> 0.6.0)
  exceptional
  factory_girl (~> 1.3.2)
  haml (~> 3.0.18)
  i18n (~> 0.4.1)
  launchy (~> 0.3.7)
  mongo_mapper (~> 0.8.4)
  newrelic_rpm
  pony (~> 1.0.1)
  pygmentize
  rack-flash (~> 0.1.1)
  rdiscount (~> 1.6.5)
  rocco
  rspec (~> 2.1.0)
  sinatra (~> 1.3.0.c)
  sinatra-content-for
  steak (~> 1.0.0)
  webrat (~> 0.7.1)
